PATH
  remote: .
  specs:
    metanorma-standoc (1.3.28)
      asciidoctor (~> 2.0.0)
      concurrent-ruby
      iev (~> 0.2.1)
      isodoc (~> 1.0.20)
      mathml2asciimath
      mimemagic
      relaton (~> 1.0.0)
      relaton-iev (~> 1.0.0)
      ruby-jing
      sterile (~> 1.0.14)
      unicode2latex (~> 0.0.1)

GEM
  remote: https://rubygems.org/
  specs:
    addressable (2.7.0)
      public_suffix (>= 2.0.2, < 5.0)
    asciidoctor (2.0.10)
    asciimath (1.0.9)
    ast (2.4.0)
    bibtex-ruby (5.1.4)
      latex-decode (~> 0.0)
    byebug (11.1.3)
    cnccs (0.1.5)
    coderay (1.1.2)
    concurrent-ruby (1.1.6)
    crack (0.4.3)
      safe_yaml (~> 1.0.0)
    diff-lcs (1.3)
    docile (1.3.2)
    domain_name (0.5.20190701)
      unf (>= 0.0.5, < 1.0.0)
    equivalent-xml (0.6.0)
      nokogiri (>= 1.4.3)
    faraday (1.0.1)
      multipart-post (>= 1.2, < 3)
    ffi (1.12.2)
    formatador (0.2.5)
    gb-agencies (0.0.6)
    guard (2.16.2)
      formatador (>= 0.2.4)
      listen (>= 2.7, < 4.0)
      lumberjack (>= 1.0.12, < 2.0)
      nenv (~> 0.1)
      notiffany (~> 0.0)
      pry (>= 0.9.12)
      shellany (~> 0.0)
      thor (>= 0.18.1)
    guard-compat (1.2.1)
    guard-rspec (4.7.3)
      guard (~> 2.1)
      guard-compat (~> 1.1)
      rspec (>= 2.99.0, < 4.0)
    hashdiff (1.0.1)
    html2doc (1.0.1)
      asciimath (~> 1.0.9)
      htmlentities (~> 4.3.4)
      image_size
      mime-types
      nokogiri (>= 1.10.4)
      thread_safe
      uuidtools
    htmlentities (4.3.4)
    http-cookie (1.0.3)
      domain_name (~> 0.5)
    iev (0.2.3)
      nokogiri (>= 1.10.4)
    image_size (2.0.2)
    iso639 (1.3.2)
    isodoc (1.0.25)
      asciimath
      html2doc (~> 1.0.0)
      htmlentities (~> 4.3.4)
      liquid
      metanorma (~> 1.0.0)
      nokogiri (>= 1.10.4)
      rake (~> 12.0)
      roman-numerals
      sassc (~> 2.2.1)
      thread_safe
      uuidtools
    isoics (0.1.8)
    latex-decode (0.3.1)
    liquid (4.0.3)
    listen (3.2.1)
      rb-fsevent (~> 0.10, >= 0.10.3)
      rb-inotify (~> 0.9, >= 0.9.10)
    lumberjack (1.2.4)
    mathml2asciimath (0.0.10)
      htmlentities (~> 4.3.4)
      nokogiri (>= 1.10.4)
    metanorma (1.0.4)
      asciidoctor
      htmlentities
      nokogiri
    method_source (1.0.0)
    mime-types (3.3.1)
      mime-types-data (~> 3.2015)
    mime-types-data (3.2020.0425)
    mimemagic (0.3.4)
    mini_portile2 (2.4.0)
    multipart-post (2.1.1)
    nenv (0.3.0)
    nokogiri (1.10.9)
      mini_portile2 (~> 2.4.0)
    notiffany (0.1.3)
      nenv (~> 0.1)
      shellany (~> 0.0)
    optout (0.0.2)
    parallel (1.19.1)
    parser (2.7.1.1)
      ast (~> 2.4.0)
    powerpack (0.1.2)
    pry (0.13.1)
      coderay (~> 1.1)
      method_source (~> 1.0)
    public_suffix (4.0.4)
    rainbow (3.0.0)
    rake (12.3.3)
    rb-fsevent (0.10.3)
    rb-inotify (0.10.1)
      ffi (~> 1.0)
    relaton (1.0.0)
      relaton-calconnect (~> 1.0.0)
      relaton-gb (~> 1.0.0)
      relaton-iec (~> 1.0.0)
      relaton-ietf (~> 1.0.0)
      relaton-iso (~> 1.0.0)
      relaton-itu (~> 1.0.0)
      relaton-nist (~> 1.0.0)
      relaton-ogc (~> 1.0.0)
      relaton-omg (~> 1.0.0)
      relaton-un (~> 1.0.0)
      relaton-w3c (~> 1.0.0)
    relaton-bib (1.0.0)
      addressable
      bibtex-ruby
      iso639
      nokogiri
    relaton-calconnect (1.0.0)
      faraday
      relaton-iso-bib (~> 1.0.0)
    relaton-gb (1.0.0)
      cnccs (~> 0.1.1)
      gb-agencies (~> 0.0.1)
      relaton-iso-bib (~> 1.0.0)
    relaton-iec (1.0.0)
      addressable
      relaton-iso-bib (~> 1.0.0)
    relaton-ietf (1.0.0)
      relaton-bib (~> 1.0.0)
    relaton-iev (1.0.0)
      relaton (~> 1)
    relaton-iso (1.0.1)
      relaton-iec (~> 1.0.0)
      relaton-iso-bib (~> 1.0.0)
    relaton-iso-bib (1.0.0)
      isoics (~> 0.1.6)
      relaton-bib (~> 1.0.0)
    relaton-itu (1.0.0)
      relaton-iso-bib (~> 1.0.0)
    relaton-nist (1.0.0)
      relaton-bib (~> 1.0.0)
      rubyzip
    relaton-ogc (1.0.0)
      faraday (~> 1.0.0)
      relaton-iso-bib (~> 1.0.0)
    relaton-omg (1.0.0)
      relaton-bib (~> 1.0.0)
    relaton-un (1.0.0)
      faraday
      http-cookie
      relaton-iso-bib (~> 1.0.0)
      unf_ext (>= 0.0.7.7)
    relaton-w3c (1.0.0)
      relaton-bib (>= 1.0.0)
    roman-numerals (0.3.0)
    rspec (3.9.0)
      rspec-core (~> 3.9.0)
      rspec-expectations (~> 3.9.0)
      rspec-mocks (~> 3.9.0)
    rspec-core (3.9.1)
      rspec-support (~> 3.9.1)
    rspec-expectations (3.9.1)
      diff-lcs (>= 1.2.0, < 2.0)
      rspec-support (~> 3.9.0)
    rspec-mocks (3.9.1)
      diff-lcs (>= 1.2.0, < 2.0)
      rspec-support (~> 3.9.0)
    rspec-support (3.9.2)
    rubocop (0.54.0)
      parallel (~> 1.10)
      parser (>= 2.5)
      powerpack (~> 0.1)
      rainbow (>= 2.2.2, < 4.0)
      ruby-progressbar (~> 1.7)
      unicode-display_width (~> 1.0, >= 1.0.1)
    ruby-jing (0.0.1)
      optout (>= 0.0.2)
    ruby-progressbar (1.10.1)
    rubyzip (2.3.0)
    safe_yaml (1.0.5)
    sassc (2.2.1)
      ffi (~> 1.9)
    shellany (0.0.1)
    simplecov (0.18.5)
      docile (~> 1.1)
      simplecov-html (~> 0.11)
    simplecov-html (0.12.2)
    sterile (1.0.16)
      nokogiri (>= 1.10.8)
    thor (1.0.1)
    thread_safe (0.3.6)
    timecop (0.9.1)
    unf (0.1.4)
      unf_ext
    unf_ext (0.0.7.7)
    unicode-display_width (1.7.0)
    unicode2latex (0.0.3)
    uuidtools (2.1.5)
    vcr (5.0.0)
    webmock (3.8.3)
      addressable (>= 2.3.6)
      crack (>= 0.3.2)
      hashdiff (>= 0.4.0, < 2.0.0)

PLATFORMS
  ruby

DEPENDENCIES
  byebug
  equivalent-xml (~> 0.6)
  guard (~> 2.14)
  guard-rspec (~> 4.7)
  metanorma-standoc!
  rake (~> 12.0)
  rspec (~> 3.6)
  rubocop (= 0.54.0)
  simplecov (~> 0.15)
  timecop (~> 0.9)
  vcr (~> 5.0.0)
  webmock

BUNDLED WITH
   2.1.4
